PATH
  remote: .
  specs:
    cyperful (0.1.10)
      capybara (~> 3)
      listen (~> 3)
      parser (~> 3)
      webrick-websocket (~> 0.0.3)

GEM
  remote: https://rubygems.org/
  specs:
    abbrev (0.1.2)
    addressable (2.8.6)
      public_suffix (>= 2.0.2, < 6.0)
    ast (2.4.2)
    capybara (3.40.0)
      addressable
      matrix
      mini_mime (>= 0.1.3)
      nokogiri (~> 1.11)
      rack (>= 1.6.0)
      rack-test (>= 0.6.3)
      regexp_parser (>= 1.5, < 3.0)
      xpath (~> 3.2)
    ffi (1.16.3)
    haml (6.3.0)
      temple (>= 0.8.2)
      thor
      tilt
    json (2.7.2)
    language_server-protocol (3.17.0.3)
    lint_roller (1.1.0)
    listen (3.9.0)
      rb-fsevent (~> 0.10, >= 0.10.3)
      rb-inotify (~> 0.9, >= 0.9.10)
    matrix (0.4.2)
    mini_mime (1.1.5)
    minitest (5.22.3)
    nokogiri (1.16.4-arm64-darwin)
      racc (~> 1.4)
    parallel (1.24.0)
    parser (3.3.1.0)
      ast (~> 2.4.1)
      racc
    prettier_print (1.2.1)
    public_suffix (5.0.4)
    racc (1.7.3)
    rack (2.2.9)
    rack-test (2.1.0)
      rack (>= 1.3)
    rainbow (3.1.1)
    rb-fsevent (0.11.2)
    rb-inotify (0.10.1)
      ffi (~> 1.0)
    rbs (3.4.4)
      abbrev
    regexp_parser (2.9.0)
    rexml (3.2.6)
    rubocop (1.62.1)
      json (~> 2.3)
      language_server-protocol (>= 3.17.0)
      parallel (~> 1.10)
      parser (>= 3.3.0.2)
      rainbow (>= 2.2.2, < 4.0)
      regexp_parser (>= 1.8, < 3.0)
      rexml (>= 3.2.5, < 4.0)
      rubocop-ast (>= 1.31.1, < 2.0)
      ruby-progressbar (~> 1.7)
      unicode-display_width (>= 2.4.0, < 3.0)
    rubocop-ast (1.31.3)
      parser (>= 3.3.1.0)
    rubocop-performance (1.20.2)
      rubocop (>= 1.48.1, < 2.0)
      rubocop-ast (>= 1.30.0, < 2.0)
    ruby-progressbar (1.13.0)
    standard (1.35.1)
      language_server-protocol (~> 3.17.0.2)
      lint_roller (~> 1.0)
      rubocop (~> 1.62.0)
      standard-custom (~> 1.0.0)
      standard-performance (~> 1.3)
    standard-custom (1.0.2)
      lint_roller (~> 1.0)
      rubocop (~> 1.50)
    standard-performance (1.3.1)
      lint_roller (~> 1.1)
      rubocop-performance (~> 1.20.2)
    syntax_tree (6.2.0)
      prettier_print (>= 1.2.0)
    syntax_tree-haml (4.0.3)
      haml (>= 5.2)
      prettier_print (>= 1.2.1)
      syntax_tree (>= 6.0.0)
    syntax_tree-rbs (1.0.0)
      prettier_print
      rbs
      syntax_tree (>= 2.0.1)
    temple (0.10.3)
    thor (1.3.1)
    tilt (2.3.0)
    unicode-display_width (2.5.0)
    webrick (1.8.1)
    webrick-websocket (0.0.3)
      webrick (~> 1.3)
    xpath (3.2.0)
      nokogiri (~> 1.8)

PLATFORMS
  arm64-darwin-22
  arm64-darwin-23

DEPENDENCIES
  cyperful!
  minitest (~> 5.22)
  prettier_print (~> 1.2)
  rubocop
  standard
  syntax_tree (~> 6.1)
  syntax_tree-haml (~> 4.0)
  syntax_tree-rbs (~> 1.0)

BUNDLED WITH
   2.5.4
